RESTRICTION: >= net40
NUGET
  remote: https://www.nuget.org/api/v2
    FAKE (4.36)
    FSharp.Azure.StorageTypeProvider (1.7)
      WindowsAzure.Storage (>= 6.0)
    FSharp.Compiler.Service (6.0.1)
      System.Collections.Immutable (>= 1.2)
      System.Reflection.Metadata (>= 1.4.1-beta-24227-04)
    FSharp.Compiler.Tools (4.0.1.3)
    FSharp.Core (4.0.0.1)
    FSharp.Data (2.3.2)
    FSharp.Data.SqlClient (1.8.2)
    Microsoft.Azure.KeyVault.Core (2.0.4) - restriction: || (&& (>= net40) (>= wp8)) (>= net45)
    Microsoft.Data.Edm (5.8.1) - restriction: || (&& (>= net40) (>= netstandard1.0) (< netstandard1.3)) (&& (>= net40) (< netstandard1.0) (>= win8)) (&& (>= net40) (>= netstandard1.3)) (&& (>= net40) (>= wp8)) (&& (>= net40) (>= wpa81)) (>= net45)
    Microsoft.Data.OData (5.8.1) - restriction: || (&& (>= net40) (>= netstandard1.0) (< netstandard1.3)) (&& (>= net40) (< netstandard1.0) (>= win8)) (&& (>= net40) (>= netstandard1.3)) (&& (>= net40) (>= wp8)) (&& (>= net40) (>= wpa81)) (>= net45)
      Microsoft.Data.Edm (5.8.1)
      System.Spatial (5.8.1)
    Microsoft.Data.Services.Client (5.8.1) - restriction: || (&& (>= net40) (>= netstandard1.0) (< netstandard1.3)) (&& (>= net40) (>= netstandard1.3)) (>= net45)
      Microsoft.Data.OData (5.8.1)
    Newtonsoft.Json (9.0.1)
    Suave (1.1.3)
      FSharp.Core (>= 3.1.2.5)
    System.Collections.Immutable (1.2)
    System.Reflection.Metadata (1.4.1-beta-24227-04)
      System.Collections.Immutable (>= 1.2) - restriction: || (&& (>= net40) (>= netstandard1.1)) (&& (>= net40) (< netstandard1.1) (>= monoandroid)) (&& (>= net40) (< netstandard1.1) (>= win8)) (&& (>= net40) (>= monotouch)) (&& (>= net40) (>= xamarintvos)) (&& (>= net40) (>= xamarinwatchos)) (&& (>= net40) (>= xamarinios)) (&& (>= net40) (>= xamarinmac)) (&& (>= net40) (>= wpa81)) (>= net45)
    System.Spatial (5.8.1) - restriction: || (&& (>= net40) (>= netstandard1.0) (< netstandard1.3)) (&& (>= net40) (< netstandard1.0) (>= win8)) (&& (>= net40) (>= netstandard1.3)) (&& (>= net40) (>= wp8)) (&& (>= net40) (>= wpa81)) (>= net45)
    WindowsAzure.Storage (8.0.1)
      Microsoft.Azure.KeyVault.Core (>= 1.0) - restriction: || (&& (>= net40) (>= wp8)) (>= net45)
      Microsoft.Data.OData (>= 5.7) - restriction: || (&& (>= net40) (>= netstandard1.0) (< netstandard1.3)) (&& (>= net40) (< netstandard1.0) (>= win8)) (&& (>= net40) (>= netstandard1.3)) (&& (>= net40) (>= wp8)) (&& (>= net40) (>= wpa81)) (>= net45)
      Microsoft.Data.Services.Client (>= 5.7) - restriction: || (&& (>= net40) (>= netstandard1.0) (< netstandard1.3)) (&& (>= net40) (>= netstandard1.3)) (>= net45)
      Newtonsoft.Json (>= 6.0.8) - restriction: || (&& (>= net40) (< netstandard1.0) (>= win8)) (&& (>= net40) (>= wp8)) (&& (>= net40) (>= wpa81)) (>= net45)
